PATH
  remote: .
  specs:
    active_merchant_square (0.1.0)

GEM
  remote: https://rubygems.org/
  specs:
    activemerchant (1.107.4)
      activesupport (>= 4.2)
      builder (>= 2.1.2, < 4.0.0)
      i18n (>= 0.6.9)
      nokogiri (~> 1.4)
    activesupport (6.1.7.1)
      concurrent-ruby (~> 1.0, >= 1.0.2)
      i18n (>= 1.6, < 2)
      minitest (>= 5.1)
      tzinfo (~> 2.0)
      zeitwerk (~> 2.3)
    builder (3.2.4)
    concurrent-ruby (1.1.10)
    i18n (1.12.0)
      concurrent-ruby (~> 1.0)
    mini_portile2 (2.5.1)
    minitest (5.15.0)
    mocha (1.11.2)
    nokogiri (1.11.5)
      mini_portile2 (~> 2.5.0)
      racc (~> 1.4)
    power_assert (1.1.7)
    racc (1.5.2)
    rake (12.3.3)
    test-unit (3.3.4)
      power_assert
    tzinfo (2.0.5)
      concurrent-ruby (~> 1.0)
    zeitwerk (2.6.6)

PLATFORMS
  ruby

DEPENDENCIES
  active_merchant_square!
  activemerchant
  mocha (~> 1)
  rake (~> 12.0)
  test-unit (~> 3)

BUNDLED WITH
   2.1.4
